GEM
  remote: https://rubygems.org/
  specs:
    bcrypt (3.1.13)
    httparty (0.18.0)
      mime-types (~> 3.0)
      multi_xml (>= 0.5.2)
    mime-types (3.3.1)
      mime-types-data (~> 3.2015)
    mime-types-data (3.2020.0425)
    multi_xml (0.6.0)
    pg (1.2.3)

PLATFORMS
  ruby

DEPENDENCIES
  bcrypt
  httparty
  pg

BUNDLED WITH
   2.1.4
